GEM
  remote: https://rubygems.org/
  specs:
    addressable (2.5.0)
      public_suffix (~> 2.0, >= 2.0.2)
    aws-sdk (2.6.38)
      aws-sdk-resources (= 2.6.38)
    aws-sdk-core (2.6.38)
      aws-sigv4 (~> 1.0)
      jmespath (~> 1.0)
    aws-sdk-resources (2.6.38)
      aws-sdk-core (= 2.6.38)
    aws-sigv4 (1.0.0)
    hashie (3.3.2)
    jmespath (1.3.1)
    json (1.8.3)
    json-schema (2.7.0)
      addressable (>= 2.4)
    lambda_wrap (0.25.0)
      aws-sdk (~> 2)
      rubyzip (~> 1.2)
    mime-types (2.99.3)
    public_suffix (2.0.4)
    rake (11.3.0)
    rubyzip (1.2.0)
    swagger-core (0.2.3)
      addressable (~> 2.3)
      hashie (~> 3.0, < 3.4.0)
      json-schema (~> 2.2)
      mime-types (~> 2.0)

PLATFORMS
  x86-mingw32

DEPENDENCIES
  aws-sdk (~> 2)!
  json (~> 1)!
  lambda_wrap (~> 0.25.0)!
  rake (~> 11)!
  rubyzip (~> 1.2)!
  swagger-core!

BUNDLED WITH
   1.13.6
